STORAGE: NONE
RESTRICTION: == net6.0
NUGET
  remote: https://api.nuget.org/v3/index.json
    Aether (8.3.1)
      FSharp.Core (>= 4.3.4)
    Avalonia (0.10.18)
      Avalonia.Remote.Protocol (>= 0.10.18)
      JetBrains.Annotations (>= 10.3)
      System.ComponentModel.Annotations (>= 4.5)
      System.Memory (>= 4.5.3)
      System.Reactive (>= 5.0)
      System.Runtime.CompilerServices.Unsafe (>= 4.6)
      System.ValueTuple (>= 4.5)
    Avalonia.Angle.Windows.Natives (2.1.18905.20220610)
    Avalonia.Desktop (0.10.18)
      Avalonia (>= 0.10.18)
      Avalonia.Native (>= 0.10.18)
      Avalonia.Skia (>= 0.10.18)
      Avalonia.Win32 (>= 0.10.18)
      Avalonia.X11 (>= 0.10.18)
    Avalonia.FreeDesktop (0.10.18)
      Avalonia (>= 0.10.18)
      Tmds.DBus (>= 0.9)
    Avalonia.Native (0.10.18)
      Avalonia (>= 0.10.18)
    Avalonia.Remote.Protocol (0.10.18)
    Avalonia.Skia (0.10.18)
      Avalonia (>= 0.10.18)
      HarfBuzzSharp (>= 2.8.2.1-preview.108)
      HarfBuzzSharp.NativeAssets.Linux (>= 2.8.2.1-preview.108)
      HarfBuzzSharp.NativeAssets.WebAssembly (>= 2.8.2.1-preview.108)
      SkiaSharp (>= 2.88.1-preview.108)
      SkiaSharp.NativeAssets.Linux (>= 2.88.1-preview.108)
      SkiaSharp.NativeAssets.WebAssembly (>= 2.88.1-preview.108)
    Avalonia.Win32 (0.10.18)
      Avalonia (>= 0.10.18)
      Avalonia.Angle.Windows.Natives (>= 2.1.0.2020091801)
      System.Drawing.Common (>= 4.5)
      System.Numerics.Vectors (>= 4.5)
    Avalonia.X11 (0.10.18)
      Avalonia (>= 0.10.18)
      Avalonia.FreeDesktop (>= 0.10.18)
      Avalonia.Skia (>= 0.10.18)
    BenchmarkDotNet (0.13.2)
      BenchmarkDotNet.Annotations (>= 0.13.2)
      CommandLineParser (>= 2.4.3)
      Iced (>= 1.17)
      Microsoft.CodeAnalysis.CSharp (>= 3.0)
      Microsoft.Diagnostics.Runtime (>= 2.2.332302)
      Microsoft.Diagnostics.Tracing.TraceEvent (>= 3.0.2)
      Microsoft.DotNet.PlatformAbstractions (>= 3.1.6)
      Perfolizer (>= 0.2.1)
      System.Management (>= 6.0)
      System.Reflection.Emit (>= 4.7)
      System.Reflection.Emit.Lightweight (>= 4.7)
      System.Threading.Tasks.Extensions (>= 4.5.4)
    BenchmarkDotNet.Annotations (0.13.2)
    CommandLineParser (2.9.1)
    Elmish (3.1)
      FSharp.Core (>= 4.6.2)
    Expecto (9.0.4)
      FSharp.Core (>= 4.6)
      Mono.Cecil (>= 0.11.3)
    Expecto.BenchmarkDotNet (9.0.4)
      BenchmarkDotNet (>= 0.12.1)
      FSharp.Core (>= 4.6)
    Expecto.FsCheck (9.0.4)
      Expecto (>= 9.0.4)
      FsCheck (>= 2.14.3)
    Expecto.Hopac (9.0.4)
      Expecto (>= 9.0.4)
      Hopac (>= 0.4.1)
    Expecto.VisualStudio.TestAdapter (10.0.2)
    FsCheck (2.16.5)
      FSharp.Core (>= 4.2.3)
    FSharp.Core (6.0.6)
    FSharp.FGL (0.0.3)
      Aether (>= 8.3.1)
      FSharp.Core (>= 5.0)
    HarfBuzzSharp (2.8.2.2)
      HarfBuzzSharp.NativeAssets.macOS (>= 2.8.2.2)
      HarfBuzzSharp.NativeAssets.Win32 (>= 2.8.2.2)
    HarfBuzzSharp.NativeAssets.Linux (2.8.2.2)
      HarfBuzzSharp (>= 2.8.2.2)
    HarfBuzzSharp.NativeAssets.macOS (2.8.2.2)
    HarfBuzzSharp.NativeAssets.WebAssembly (2.8.2.2)
    HarfBuzzSharp.NativeAssets.Win32 (2.8.2.2)
    Hopac (0.5.1)
      FSharp.Core (>= 4.5.2)
    Iced (1.17)
    JetBrains.Annotations (2022.1)
    Microsoft.Bcl.AsyncInterfaces (6.0)
    Microsoft.CodeAnalysis.Analyzers (3.3.3)
    Microsoft.CodeAnalysis.Common (4.3.1)
      Microsoft.CodeAnalysis.Analyzers (>= 3.3.3)
      System.Collections.Immutable (>= 6.0)
      System.Memory (>= 4.5.4)
      System.Reflection.Metadata (>= 5.0)
      System.Runtime.CompilerServices.Unsafe (>= 6.0)
      System.Text.Encoding.CodePages (>= 6.0)
      System.Threading.Tasks.Extensions (>= 4.5.4)
    Microsoft.CodeAnalysis.CSharp (4.3.1)
      Microsoft.CodeAnalysis.Common (4.3.1)
    Microsoft.CodeCoverage (17.3.2)
    Microsoft.Diagnostics.NETCore.Client (0.2.328102)
      Microsoft.Bcl.AsyncInterfaces (>= 1.1)
      Microsoft.Extensions.Logging (>= 2.1.1)
    Microsoft.Diagnostics.Runtime (2.2.332302)
      Microsoft.Diagnostics.NETCore.Client (>= 0.2.251802)
      System.Collections.Immutable (>= 5.0)
      System.Runtime.CompilerServices.Unsafe (>= 5.0)
    Microsoft.Diagnostics.Tracing.TraceEvent (3.0.5)
      System.Runtime.CompilerServices.Unsafe (>= 5.0)
    Microsoft.DotNet.PlatformAbstractions (3.1.6)
    Microsoft.Extensions.DependencyInjection (6.0)
      Microsoft.Extensions.DependencyInjection.Abstractions (>= 6.0)
      System.Runtime.CompilerServices.Unsafe (>= 6.0)
    Microsoft.Extensions.DependencyInjection.Abstractions (6.0)
    Microsoft.Extensions.Logging (6.0)
      Microsoft.Extensions.DependencyInjection (>= 6.0)
      Microsoft.Extensions.DependencyInjection.Abstractions (>= 6.0)
      Microsoft.Extensions.Logging.Abstractions (>= 6.0)
      Microsoft.Extensions.Options (>= 6.0)
      System.Diagnostics.DiagnosticSource (>= 6.0)
    Microsoft.Extensions.Logging.Abstractions (6.0.2)
    Microsoft.Extensions.Options (6.0)
      Microsoft.Extensions.DependencyInjection.Abstractions (>= 6.0)
      Microsoft.Extensions.Primitives (>= 6.0)
    Microsoft.Extensions.Primitives (6.0)
      System.Runtime.CompilerServices.Unsafe (>= 6.0)
    Microsoft.NET.Test.Sdk (17.3.2)
      Microsoft.CodeCoverage (>= 17.3.2)
      Microsoft.TestPlatform.TestHost (>= 17.3.2)
    Microsoft.NETCore.Platforms (6.0.5)
    Microsoft.NETCore.Targets (5.0)
    Microsoft.TestPlatform.ObjectModel (17.3.2)
      NuGet.Frameworks (>= 5.11)
      System.Reflection.Metadata (>= 1.6)
    Microsoft.TestPlatform.TestHost (17.3.2)
      Microsoft.TestPlatform.ObjectModel (>= 17.3.2)
      Newtonsoft.Json (>= 9.0.1)
    Microsoft.Win32.SystemEvents (6.0.1)
    Mono.Cecil (0.11.4)
    Newtonsoft.Json (13.0.1)
    NuGet.Frameworks (6.3)
    Perfolizer (0.2.1)
      System.Memory (>= 4.5.3)
    SkiaSharp (2.88.2)
      SkiaSharp.NativeAssets.macOS (>= 2.88.2)
      SkiaSharp.NativeAssets.Win32 (>= 2.88.2)
    SkiaSharp.NativeAssets.Linux (2.88.2)
      SkiaSharp (>= 2.88.2)
    SkiaSharp.NativeAssets.macOS (2.88.2)
    SkiaSharp.NativeAssets.WebAssembly (2.88.2)
    SkiaSharp.NativeAssets.Win32 (2.88.2)
    System.CodeDom (6.0)
    System.Collections.Immutable (6.0)
      System.Runtime.CompilerServices.Unsafe (>= 6.0)
    System.ComponentModel.Annotations (5.0)
    System.Diagnostics.DiagnosticSource (6.0)
      System.Runtime.CompilerServices.Unsafe (>= 6.0)
    System.Drawing.Common (6.0)
      Microsoft.Win32.SystemEvents (>= 6.0)
    System.Management (6.0)
      System.CodeDom (>= 6.0)
    System.Memory (4.5.5)
    System.Numerics.Vectors (4.5)
    System.Reactive (5.0)
    System.Reflection.Emit (4.7)
    System.Reflection.Emit.Lightweight (4.7)
    System.Reflection.Metadata (6.0.1)
      System.Collections.Immutable (>= 6.0)
    System.Runtime (4.3.1)
      Microsoft.NETCore.Platforms (>= 1.1.1)
      Microsoft.NETCore.Targets (>= 1.1.3)
    System.Runtime.CompilerServices.Unsafe (6.0)
    System.Security.Principal.Windows (5.0)
    System.Text.Encoding.CodePages (6.0)
      System.Runtime.CompilerServices.Unsafe (>= 6.0)
    System.Threading.Tasks.Extensions (4.5.4)
    System.ValueTuple (4.5)
    Tmds.DBus (0.11)
      Microsoft.Bcl.AsyncInterfaces (>= 6.0)
      System.Reflection.Emit (>= 4.7)
      System.Security.Principal.Windows (>= 4.7)
    YoloDev.Expecto.TestSdk (0.13.3)
      Expecto (>= 9.0 < 10.0)
      FSharp.Core (>= 4.6.2)
      System.Collections.Immutable (>= 6.0)
GIT
  remote: https://github.com/CSBiology/FSharp.FGL.git
     (cc745017204bc20db0651ddba45c3010a7af2043)
      build: build.cmd Pack
      path: /bin/
      os: windows